GEM
  remote: http://rubygems.org/
  specs:
    activesupport (7.0.2.3)
      concurrent-ruby (~> 1.0, >= 1.0.2)
      i18n (>= 1.6, < 2)
      minitest (>= 5.1)
      tzinfo (~> 2.0)
    childprocess (4.1.0)
    coderay (1.1.3)
    concurrent-ruby (1.1.10)
    ffi (1.15.5-x64-mingw32)
    i18n (1.10.0)
      concurrent-ruby (~> 1.0)
    method_source (1.0.0)
    minitest (5.15.0)
    pry (0.14.1)
      coderay (~> 1.1)
      method_source (~> 1.0)
    rexml (3.2.5)
    rubyzip (2.3.2)
    selenium-webdriver (4.1.0)
      childprocess (>= 0.5, < 5.0)
      rexml (~> 3.2, >= 3.2.5)
      rubyzip (>= 1.2.2)
    tzinfo (2.0.4)
      concurrent-ruby (~> 1.0)

PLATFORMS
  x64-mingw32

DEPENDENCIES
  activesupport
  ffi
  pry
  selenium-webdriver

BUNDLED WITH
   2.3.4
